PATH
  remote: .
  specs:
    colors (0.1.0)
      colorize (~> 0.8.1)
      nokogiri
      watir

GEM
  remote: https://rubygems.org/
  specs:
    childprocess (4.1.0)
    coderay (1.1.3)
    colorize (0.8.1)
    method_source (1.0.0)
    nokogiri (1.12.5-arm64-darwin)
      racc (~> 1.4)
    pry (0.14.1)
      coderay (~> 1.1)
      method_source (~> 1.0)
    racc (1.6.0)
    rake (13.0.6)
    regexp_parser (2.1.1)
    rexml (3.2.5)
    rubyzip (2.3.2)
    selenium-webdriver (4.0.3)
      childprocess (>= 0.5, < 5.0)
      rexml (~> 3.2, >= 3.2.5)
      rubyzip (>= 1.2.2)
    watir (7.0.0)
      regexp_parser (>= 1.2, < 3)
      selenium-webdriver (~> 4.0)

PLATFORMS
  arm64-darwin-20

DEPENDENCIES
  colors!
  pry
  rake (~> 13.0)

BUNDLED WITH
   2.2.26
